GIT
  remote: https://github.com/beechnut/aspen
  revision: 75ea542809edc857d9a24ea134f92262ab06e548
  ref: 75ea542809edc857d9a24ea134f92262ab06e548
  specs:
    aspen (0.1.0)
      activesupport (~> 6.0)
      dry-cli (~> 0.5)
      dry-container (~> 0.7)
      dry-monads (~> 1.0)
      dry-types (~> 1.0)
      dry-validation (~> 1.4)
      listen (~> 3.0)
      mustache (~> 1.0)
      neo4j-core

GEM
  remote: https://rubygems.org/
  specs:
    activesupport (6.0.3.3)
      concurrent-ruby (~> 1.0, >= 1.0.2)
      i18n (>= 0.7, < 2)
      minitest (~> 5.1)
      tzinfo (~> 1.1)
      zeitwerk (~> 2.2, >= 2.2.2)
    concurrent-ruby (1.1.7)
    dry-cli (0.6.0)
      concurrent-ruby (~> 1.0)
    dry-configurable (0.11.6)
      concurrent-ruby (~> 1.0)
      dry-core (~> 0.4, >= 0.4.7)
      dry-equalizer (~> 0.2)
    dry-container (0.7.2)
      concurrent-ruby (~> 1.0)
      dry-configurable (~> 0.1, >= 0.1.3)
    dry-core (0.4.9)
      concurrent-ruby (~> 1.0)
    dry-equalizer (0.3.0)
    dry-inflector (0.2.0)
    dry-initializer (3.0.3)
    dry-logic (1.0.7)
      concurrent-ruby (~> 1.0)
      dry-core (~> 0.2)
      dry-equalizer (~> 0.2)
    dry-monads (1.3.5)
      concurrent-ruby (~> 1.0)
      dry-core (~> 0.4, >= 0.4.4)
      dry-equalizer
    dry-schema (1.5.4)
      concurrent-ruby (~> 1.0)
      dry-configurable (~> 0.8, >= 0.8.3)
      dry-core (~> 0.4)
      dry-equalizer (~> 0.2)
      dry-initializer (~> 3.0)
      dry-logic (~> 1.0)
      dry-types (~> 1.4)
    dry-types (1.4.0)
      concurrent-ruby (~> 1.0)
      dry-container (~> 0.3)
      dry-core (~> 0.4, >= 0.4.4)
      dry-equalizer (~> 0.3)
      dry-inflector (~> 0.1, >= 0.1.2)
      dry-logic (~> 1.0, >= 1.0.2)
    dry-validation (1.5.6)
      concurrent-ruby (~> 1.0)
      dry-container (~> 0.7, >= 0.7.1)
      dry-core (~> 0.4)
      dry-equalizer (~> 0.2)
      dry-initializer (~> 3.0)
      dry-schema (~> 1.5, >= 1.5.2)
    ethon (0.12.0)
      ffi (>= 1.3.0)
    faraday (1.0.1)
      multipart-post (>= 1.2, < 3)
    faraday_middleware (1.0.0)
      faraday (~> 1.0)
    faraday_middleware-multi_json (0.0.6)
      faraday_middleware
      multi_json
    ffi (1.13.1)
    httpclient (2.8.3)
    i18n (1.8.5)
      concurrent-ruby (~> 1.0)
    json (2.3.1)
    listen (3.2.1)
      rb-fsevent (~> 0.10, >= 0.10.3)
      rb-inotify (~> 0.9, >= 0.9.10)
    minitest (5.14.2)
    multi_json (1.15.0)
    multipart-post (2.1.1)
    mustache (1.1.1)
    mustermann (1.1.1)
      ruby2_keywords (~> 0.0.1)
    neo4j-core (9.0.0)
      activesupport (>= 4.0)
      faraday (>= 0.9.0)
      faraday_middleware (>= 0.10.0)
      faraday_middleware-multi_json
      httpclient
      json
      multi_json
      net_tcp_client (>= 2.0.1)
      typhoeus (>= 1.1.2)
    net_tcp_client (2.2.0)
    rack (2.2.3)
    rack-protection (2.1.0)
      rack
    rb-fsevent (0.10.4)
    rb-inotify (0.10.1)
      ffi (~> 1.0)
    ruby2_keywords (0.0.2)
    sinatra (2.1.0)
      mustermann (~> 1.0)
      rack (~> 2.2)
      rack-protection (= 2.1.0)
      tilt (~> 2.0)
    sinatra-cors (1.2.0)
    thread_safe (0.3.6)
    tilt (2.0.10)
    typhoeus (1.4.0)
      ethon (>= 0.9.0)
    tzinfo (1.2.7)
      thread_safe (~> 0.1)
    zeitwerk (2.4.0)

PLATFORMS
  ruby

DEPENDENCIES
  aspen!
  sinatra
  sinatra-cors

BUNDLED WITH
   2.1.4
